GEM
  remote: https://rubygems.org/
  specs:
    debugger-ruby_core_source (1.3.8)
    io-console (0.6.0)
    irb (1.6.4)
      reline (>= 0.3.0)
    memory_profiler (1.0.1)
    multi_json (1.15.0)
    mustermann (3.0.0)
      ruby2_keywords (~> 0.0.1)
    mysql2 (0.5.5)
    mysql2-cs-bind (0.1.1)
      mysql2
    nio4r (2.5.9)
    puma (6.2.2)
      nio4r (~> 2.0)
    rack (2.2.6.4)
    rack-lineprof (0.0.4)
      rack (>= 1.5)
      rblineprof (~> 0.3.6)
      term-ansicolor (~> 1.3)
    rack-mini-profiler (3.1.0)
      rack (>= 1.2.0)
    rack-protection (3.0.6)
      rack
    rblineprof (0.3.7)
      debugger-ruby_core_source (~> 1.3)
    reline (0.3.3)
      io-console (~> 0.5)
    ruby-prof (1.6.3)
    ruby2_keywords (0.0.5)
    sinatra (3.0.6)
      mustermann (~> 3.0)
      rack (~> 2.2, >= 2.2.4)
      rack-protection (= 3.0.6)
      tilt (~> 2.0)
    sinatra-contrib (3.0.6)
      multi_json
      mustermann (~> 3.0)
      rack-protection (= 3.0.6)
      sinatra (= 3.0.6)
      tilt (~> 2.0)
    stackprof (0.2.25)
    sync (0.5.0)
    term-ansicolor (1.7.1)
      tins (~> 1.0)
    tilt (2.1.0)
    tins (1.32.1)
      sync

PLATFORMS
  x86_64-darwin-21

DEPENDENCIES
  irb
  memory_profiler
  mysql2
  mysql2-cs-bind
  puma
  rack-lineprof
  rack-mini-profiler
  ruby-prof
  sinatra
  sinatra-contrib
  stackprof

BUNDLED WITH
   2.4.4
